GEM
  remote: http://rubygems.org/
  specs:
    archive-tar-minitar (0.5.2)
    backports (3.15.0)
    chunky_png (1.2.5)
    closure-compiler (1.1.6)
    columnize (0.3.6)
    compass (0.12.1)
      chunky_png (~> 1.2)
      fssm (>= 0.2.7)
      sass (~> 3.1)
    daemons (1.3.1)
    downlow (0.1.4)
      archive-tar-minitar (>= 0.5.2)
      rubyzip (>= 0.9.4)
    eventmachine (1.2.7)
    ffi (1.0.11)
    fssm (0.2.9)
    haml (3.1.6)
    i18n (0.6.0)
    jim (0.3.3)
      downlow (~> 0.1.3)
      listen
      thor (~> 0.15)
      version_sorter (~> 1.1.0)
      yajl-ruby
    kgio (2.11.2)
    linecache19 (0.5.12)
      ruby_core_source (>= 0.1.4)
    listen (0.4.4)
      rb-fchange (~> 0.0.5)
      rb-fsevent (~> 0.9.1)
      rb-inotify (~> 0.8.8)
    mail (2.4.4)
      i18n (>= 0.4.0)
      mime-types (~> 1.16)
      treetop (~> 1.4.8)
    mime-types (1.18)
    minitest (2.12.1)
    minitest-display (0.1.0)
      minitest (~> 2.3)
    multi_json (1.14.1)
    polyglot (0.3.3)
    pony (1.4)
      mail (> 2.0)
    rack (1.6.12)
    rack-protection (1.5.5)
      rack
    rack-test (1.1.0)
      rack (>= 1.0, < 3)
    raindrops (0.19.0)
    rake (0.9.2.2)
    rb-fchange (0.0.5)
      ffi
    rb-fsevent (0.9.1)
    rb-inotify (0.8.8)
      ffi (>= 0.5.0)
    redis (2.2.2)
    redis-namespace (1.1.0)
      redis (< 3.0.0)
    redised (0.2.0)
      redis (~> 2)
      redis-namespace
    ruby-debug-base19 (0.11.25)
      columnize (>= 0.3.1)
      linecache19 (>= 0.5.11)
      ruby_core_source (>= 0.1.4)
    ruby-debug19 (0.11.6)
      columnize (>= 0.3.1)
      linecache19 (>= 0.5.11)
      ruby-debug-base19 (>= 0.11.19)
    ruby_core_source (0.1.5)
      archive-tar-minitar (>= 0.5.2)
    rubyzip (0.9.8)
    sass (3.1.19)
    sinatra (1.4.8)
      rack (~> 1.5)
      rack-protection (~> 1.4)
      tilt (>= 1.3, < 3)
    sinatra-contrib (1.4.7)
      backports (>= 2.0)
      multi_json
      rack-protection
      rack-test
      sinatra (~> 1.4.0)
      tilt (>= 1.3, < 3)
    sinatra-reloader (1.0)
      sinatra-contrib
    thin (1.7.2)
      daemons (~> 1.0, >= 1.0.9)
      eventmachine (~> 1.0, >= 1.0.4)
      rack (>= 1, < 3)
    thor (0.15.2)
    tilt (2.0.10)
    treetop (1.4.10)
      polyglot
      polyglot (>= 0.3.1)
    typhoeus (0.4.2)
      ffi (~> 1.0)
      mime-types (~> 1.18)
    unicorn (5.5.2)
      kgio (~> 2.6)
      raindrops (~> 0.7)
    version_sorter (1.1.0)
    yajl-ruby (1.1.0)

PLATFORMS
  ruby

DEPENDENCIES
  closure-compiler
  compass
  haml
  jim
  minitest
  minitest-display
  pony
  rack (= 1.6.12)
  rake
  redis
  redised
  ruby-debug19
  sinatra (>= 1.3.1)
  sinatra-contrib (>= 1.3.1)
  sinatra-reloader (>= 1.0)
  thin (>= 1.3.1)
  typhoeus
  unicorn (>= 4.3.1)
  yajl-ruby

BUNDLED WITH
   1.17.3
